GEM
  remote: https://rubygems.org/
  specs:
    asciidoctor (1.5.4)
    bigdecimal (1.2.6)
    colorator (0.1)
    ffi (1.9.10)
    io-console (0.4.3)
    jekyll (3.1.3)
      colorator (~> 0.1)
      jekyll-sass-converter (~> 1.0)
      jekyll-watch (~> 1.1)
      kramdown (~> 1.3)
      liquid (~> 3.0)
      mercenary (~> 0.3.3)
      rouge (~> 1.7)
      safe_yaml (~> 1.0)
    jekyll-asciidoc (1.0.1)
      asciidoctor (>= 0.1.4)
    jekyll-sass-converter (1.4.0)
      sass (~> 3.4)
    jekyll-sitemap (0.10.0)
    jekyll-watch (1.4.0)
      listen (~> 3.0, < 3.1)
    json (1.8.1)
    kramdown (1.10.0)
    liquid (3.0.6)
    listen (3.0.6)
      rb-fsevent (>= 0.9.3)
      rb-inotify (>= 0.9.7)
    mercenary (0.3.6)
    mini_portile2 (2.0.0)
    nokogiri (1.6.7.2)
      mini_portile2 (~> 2.0.0.rc2)
    psych (2.0.8)
    rake (10.4.2)
    rb-fsevent (0.9.7)
    rb-inotify (0.9.7)
      ffi (>= 0.5.0)
    rdoc (4.2.0)
    rouge (1.10.1)
    safe_yaml (1.0.4)
    sass (3.4.22)

PLATFORMS
  ruby

DEPENDENCIES
  asciidoctor (= 1.5.4)
  bigdecimal (= 1.2.6)
  colorator (= 0.1)
  ffi (= 1.9.10)
  io-console (= 0.4.3)
  jekyll (= 3.1.3)
  jekyll-asciidoc (= 1.0.1)
  jekyll-sass-converter (= 1.4.0)
  jekyll-sitemap (= 0.10.0)
  jekyll-watch (= 1.4.0)
  json (= 1.8.1)
  kramdown (= 1.10.0)
  liquid (= 3.0.6)
  listen (= 3.0.6)
  mercenary (= 0.3.6)
  mini_portile2 (= 2.0.0)
  nokogiri (= 1.6.7.2)
  psych (= 2.0.8)
  rake (= 10.4.2)
  rb-fsevent (= 0.9.7)
  rb-inotify (= 0.9.7)
  rdoc (= 4.2.0)
  rouge (= 1.10.1)
  safe_yaml (= 1.0.4)
  sass (= 3.4.22)

BUNDLED WITH
   1.14.6
